GIT
  remote: git://github.com/opal/opal-browser.git
  revision: dff179fd08b44d19b6558aa7c429e1cee4770487
  specs:
    opal-browser (0.2.0.beta1)
      opal
      paggio

GIT
  remote: git://github.com/opal/opal-jquery.git
  revision: 6d864fb0dfa0a5cd399f1a46bfa2e24fcb257768
  specs:
    opal-jquery (0.3.0)
      opal (~> 0.7.0)

GIT
  remote: git://github.com/opal/opal-rspec.git
  revision: ef2a7b0b969c06617ebbf3f17fc73d7af2363f94
  specs:
    opal-rspec (0.4.1)
      opal (~> 0.7.0)

GIT
  remote: git://github.com/opal/opal.git
  revision: 8acef558986dbb4471c6060857c1693302d6293b
  specs:
    opal (0.7.1)
      hike (~> 1.2)
      sourcemap (~> 0.1.0)
      sprockets (>= 2.2.3, < 4.0.0)
      tilt (~> 1.4)

PATH
  remote: .
  specs:
    opal-irb (0.7.1)
      opal (~> 0.7.0)
      opal-jquery

GEM
  remote: https://rubygems.org/
  specs:
    celluloid (0.16.0)
      timers (~> 4.0.0)
    coderay (1.1.0)
    ffi (1.9.8)
    formatador (0.2.5)
    guard (2.12.5)
      formatador (>= 0.2.4)
      listen (~> 2.7)
      lumberjack (~> 1.0)
      nenv (~> 0.1)
      notiffany (~> 0.0)
      pry (>= 0.9.12)
      shellany (~> 0.0)
      thor (>= 0.18.1)
    guard-compat (1.2.1)
    guard-process (1.2.1)
      guard-compat (~> 1.2, >= 1.2.1)
      spoon (~> 0.0.1)
    hike (1.2.3)
    hitimes (1.2.2)
    listen (2.9.0)
      celluloid (>= 0.15.2)
      rb-fsevent (>= 0.9.3)
      rb-inotify (>= 0.9)
    lumberjack (1.0.9)
    method_source (0.8.2)
    multi_json (1.11.0)
    nenv (0.2.0)
    notiffany (0.0.6)
      nenv (~> 0.1)
      shellany (~> 0.0)
    paggio (0.2.4)
    pry (0.10.1)
      coderay (~> 1.1.0)
      method_source (~> 0.8.1)
      slop (~> 3.4)
    rack (1.6.0)
    rake (10.4.2)
    rb-fsevent (0.9.4)
    rb-inotify (0.9.5)
      ffi (>= 0.5.0)
    shellany (0.0.1)
    slop (3.6.0)
    sourcemap (0.1.1)
    spoon (0.0.4)
      ffi
    sprockets (2.12.3)
      hike (~> 1.2)
      multi_json (~> 1.0)
      rack (~> 1.0)
      tilt (~> 1.1, != 1.3.0)
    terminal-notifier (1.6.2)
    thor (0.19.1)
    tilt (1.4.1)
    timers (4.0.1)
      hitimes

PLATFORMS
  ruby

DEPENDENCIES
  guard
  guard-process
  opal!
  opal-browser!
  opal-irb!
  opal-jquery!
  opal-rspec!
  rake
  rb-fsevent
  terminal-notifier
